GIT
  remote: https://github.com/Dzemlianoi/Codebreaker_dzemlianoi
  revision: a3957dd0bf7967f98ba0de1d6a8c7615d979fda4
  branch: web
  specs:
    codebreaker_dzemlianoi (0.3.0)

PATH
  remote: .
  specs:
    codebreaker_web (0.1.0)

GEM
  remote: https://rubygems.org/
  specs:
    coderay (1.1.1)
    diff-lcs (1.2.5)
    method_source (0.8.2)
    pry (0.10.4)
      coderay (~> 1.1.0)
      method_source (~> 0.8.1)
      slop (~> 3.4)
    rack (2.0.1)
    rake (10.5.0)
    rspec (3.5.0)
      rspec-core (~> 3.5.0)
      rspec-expectations (~> 3.5.0)
      rspec-mocks (~> 3.5.0)
    rspec-core (3.5.4)
      rspec-support (~> 3.5.0)
    rspec-expectations (3.5.0)
      diff-lcs (>= 1.2.0, < 2.0)
      rspec-support (~> 3.5.0)
    rspec-mocks (3.5.0)
      diff-lcs (>= 1.2.0, < 2.0)
      rspec-support (~> 3.5.0)
    rspec-support (3.5.0)
    slop (3.6.0)

PLATFORMS
  ruby

DEPENDENCIES
  bundler (~> 1.13)
  codebreaker_dzemlianoi!
  codebreaker_web!
  pry
  rack
  rake (~> 10.0)
  rspec

BUNDLED WITH
   1.13.6
